GEM
  remote: https://rubygems.org/
  specs:
    adsf (1.2.0)
      rack (>= 1.0.0)
    allison (2.0.3)
    builder (3.2.2)
    celluloid (0.16.0)
      timers (~> 4.0.0)
    coderay (1.1.0)
    colored (1.2)
    commonjs (0.2.7)
    cri (2.6.1)
      colored (~> 1.2)
    daemons (1.1.9)
    echoe (4.6.6)
      allison (>= 2.0.3)
      rake (>= 0.9.2)
      rdoc (>= 2.5.11)
      rubyforge (>= 2.0.4)
    eventmachine (1.0.3)
    execjs (2.2.2)
    ffi (1.9.6)
    formatador (0.2.5)
    fssm (0.2.10)
    guard (2.9.0)
      formatador (>= 0.2.4)
      listen (~> 2.7)
      lumberjack (~> 1.0)
      pry (>= 0.9.12)
      thor (>= 0.18.1)
    guard-nanoc (1.0.3)
      guard (~> 2.8)
      nanoc (~> 3.6)
    hitimes (1.2.2)
    json (1.8.1)
    json_pure (1.8.1)
    less (2.6.0)
      commonjs (~> 0.2.7)
    libv8 (3.16.14.7)
    listen (2.8.2)
      celluloid (>= 0.15.2)
      rb-fsevent (>= 0.9.3)
      rb-inotify (>= 0.9)
    lumberjack (1.0.9)
    method_source (0.8.2)
    mime-types (2.4.3)
    mini_portile (0.6.1)
    nanoc (3.7.4)
      cri (~> 2.3)
    nokogiri (1.6.5)
      mini_portile (~> 0.6.0)
    posix-spawn (0.3.9)
    pry (0.10.1)
      coderay (~> 1.1.0)
      method_source (~> 0.8.1)
      slop (~> 3.4)
    pygments.rb (0.6.0)
      posix-spawn (~> 0.3.6)
      yajl-ruby (~> 1.1.0)
    rack (1.5.2)
    rainpress (1.0)
      echoe
    rake (10.4.2)
    rb-fsevent (0.9.4)
    rb-inotify (0.9.5)
      ffi (>= 0.5.0)
    rdiscount (2.1.7.1)
    rdoc (4.2.0)
      json (~> 1.4)
    redcarpet (3.2.1)
    ref (1.0.5)
    rubyforge (2.0.4)
      json_pure (>= 1.1.7)
    slim (2.1.0)
      temple (~> 0.6.9)
      tilt (>= 1.3.3, < 2.1)
    slop (3.6.0)
    systemu (2.6.4)
    temple (0.6.10)
    therubyracer (0.12.1)
      libv8 (~> 3.16.14.0)
      ref
    thin (1.6.3)
      daemons (~> 1.0, >= 1.0.9)
      eventmachine (~> 1.0)
      rack (~> 1.0)
    thor (0.19.1)
    tilt (2.0.1)
    timers (4.0.1)
      hitimes
    uglifier (2.5.3)
      execjs (>= 0.3.0)
      json (>= 1.8.0)
    yajl-ruby (1.1.0)
    yuicompressor (1.3.3)

PLATFORMS
  ruby

DEPENDENCIES
  adsf
  builder
  fssm
  guard-nanoc
  less
  mime-types
  nanoc
  nokogiri
  pygments.rb
  rainpress
  rdiscount
  redcarpet
  slim
  systemu
  therubyracer
  thin
  uglifier
  yuicompressor
